PATH
  remote: .
  specs:
    record_history (0.9.1)
      activemodel
      activerecord
      activesupport

GEM
  remote: http://rubygems.org/
  specs:
    actionpack (3.2.1)
      activemodel (= 3.2.1)
      activesupport (= 3.2.1)
      builder (~> 3.0.0)
      erubis (~> 2.7.0)
      journey (~> 1.0.1)
      rack (~> 1.4.0)
      rack-cache (~> 1.1)
      rack-test (~> 0.6.1)
      sprockets (~> 2.1.2)
    activemodel (3.2.1)
      activesupport (= 3.2.1)
      builder (~> 3.0.0)
    activerecord (3.2.1)
      activemodel (= 3.2.1)
      activesupport (= 3.2.1)
      arel (~> 3.0.0)
      tzinfo (~> 0.3.29)
    activesupport (3.2.1)
      i18n (~> 0.6)
      multi_json (~> 1.0)
    arel (3.0.2)
    builder (3.0.0)
    diff-lcs (1.1.3)
    erubis (2.7.0)
    factory_girl (2.6.0)
      activesupport (>= 2.3.9)
    faker (1.0.1)
      i18n (~> 0.4)
    hike (1.2.1)
    i18n (0.6.0)
    journey (1.0.3)
    json (1.6.5)
    multi_json (1.1.0)
    rack (1.4.1)
    rack-cache (1.1)
      rack (>= 0.4)
    rack-ssl (1.3.2)
      rack
    rack-test (0.6.1)
      rack (>= 1.0)
    railties (3.2.1)
      actionpack (= 3.2.1)
      activesupport (= 3.2.1)
      rack-ssl (~> 1.3.2)
      rake (>= 0.8.7)
      rdoc (~> 3.4)
      thor (~> 0.14.6)
    rake (0.9.2.2)
    rdoc (3.12)
      json (~> 1.4)
    redcarpet (1.17.2)
    rspec (2.8.0)
      rspec-core (~> 2.8.0)
      rspec-expectations (~> 2.8.0)
      rspec-mocks (~> 2.8.0)
    rspec-core (2.8.0)
    rspec-expectations (2.8.0)
      diff-lcs (~> 1.1.2)
    rspec-mocks (2.8.0)
    rspec-rails (2.8.1)
      actionpack (>= 3.0)
      activesupport (>= 3.0)
      railties (>= 3.0)
      rspec (~> 2.8.0)
    rspec-set (0.0.1)
      rspec (>= 2)
    shoulda-matchers (1.0.0)
    sprockets (2.1.2)
      hike (~> 1.2)
      rack (~> 1.0)
      tilt (~> 1.1, != 1.3.0)
    sqlite3 (1.3.5)
    thor (0.14.6)
    tilt (1.3.3)
    tzinfo (0.3.33)
    yard (0.7.5)

PLATFORMS
  ruby

DEPENDENCIES
  factory_girl
  faker
  record_history!
  redcarpet (~> 1.17)
  rspec
  rspec-rails
  rspec-set
  shoulda-matchers
  sqlite3
  yard (~> 0.7.5)
